GEM
  specs:
    extensionator (1.1.10)
      rubyzip (= 1.2.0)
      slop (~> 4.2)
    os (0.9.6)
    rake (12.2.1)
    rubyzip (1.2.0)
    slop (4.6.0)

PLATFORMS
  ruby

DEPENDENCIES
  extensionator
  os
  rake (~> 12.0)

BUNDLED WITH
   1.17.3
