GEM
  remote: https://rubygems.org/
  specs:
    extensionator (2.1.5)
      rubyzip (= 1.2.2)
      slop (~> 4.4)
    os (1.0.1)
    rake (12.3.3)
    rubyzip (1.2.2)
    slop (4.7.0)

PLATFORMS
  ruby

DEPENDENCIES
  extensionator
  os
  rake (~> 12.0)

BUNDLED WITH
   1.17.3
